GEM
  remote: https://rubygems.org/
  specs:
    aws-sdk (2.0.31)
      aws-sdk-resources (= 2.0.31)
    aws-sdk-core (2.0.31)
      builder (~> 3.0)
      jmespath (~> 1.0)
      multi_json (~> 1.0)
      multi_xml (~> 0.5)
    aws-sdk-resources (2.0.31)
      aws-sdk-core (= 2.0.31)
    builder (3.2.2)
    diff-lcs (1.2.5)
    fakes3 (0.2.1)
      builder
      thor
    glint (0.0.2)
    jmespath (1.0.2)
      multi_json (~> 1.0)
    multi_json (1.11.0)
    multi_xml (0.5.5)
    rspec (3.2.0)
      rspec-core (~> 3.2.0)
      rspec-expectations (~> 3.2.0)
      rspec-mocks (~> 3.2.0)
    rspec-core (3.2.2)
      rspec-support (~> 3.2.0)
    rspec-expectations (3.2.0)
      diff-lcs (>= 1.2.0, < 2.0)
      rspec-support (~> 3.2.0)
    rspec-mocks (3.2.1)
      diff-lcs (>= 1.2.0, < 2.0)
      rspec-support (~> 3.2.0)
    rspec-support (3.2.2)
    thor (0.19.1)

PLATFORMS
  ruby

DEPENDENCIES
  aws-sdk (~> 2)
  fakes3
  glint
  rspec
